PATH
  remote: .
  specs:
    right_chimp (1.1.1)
      nokogiri (~> 1.5.9)
      progressbar (~> 0.11.0)
      rake (~> 0.9.2.2)
      rest-client (~> 1.6.7)
      rest_connection (~> 1.0.10)

GEM
  remote: https://rubygems.org/
  specs:
    activesupport (3.2.15)
      i18n (~> 0.6, >= 0.6.4)
      multi_json (~> 1.0)
    diff-lcs (1.1.3)
    highline (1.6.20)
    i18n (0.6.5)
    json (1.8.1)
    mime-types (2.0)
    multi_json (1.8.2)
    net-ssh (2.7.0)
    nokogiri (1.5.10)
    progressbar (0.11.0)
    rake (0.9.2.2)
    rest-client (1.6.7)
      mime-types (>= 1.16)
    rest_connection (1.0.11)
      activesupport (< 4.0.0)
      highline
      json
      net-ssh
      nokogiri (< 1.6.0)
      rest-client
    rspec (2.6.0)
      rspec-core (~> 2.6.0)
      rspec-expectations (~> 2.6.0)
      rspec-mocks (~> 2.6.0)
    rspec-core (2.6.4)
    rspec-expectations (2.6.0)
      diff-lcs (~> 1.1.2)
    rspec-mocks (2.6.0)

PLATFORMS
  ruby

DEPENDENCIES
  right_chimp!
  rspec (~> 2.6.0)
