PATH
  remote: .
  specs:
    right_chimp (1.1.3)
      nokogiri (~> 1.5.9)
      progressbar (~> 0.11.0)
      rake (~> 0.9.2.2)
      rest-client (~> 1.6.7)
      rest_connection (~> 1.0.10)

GEM
  remote: https://rubygems.org/
  specs:
    activesupport (3.2.19)
      i18n (~> 0.6, >= 0.6.4)
      multi_json (~> 1.0)
    diff-lcs (1.1.3)
    highline (1.6.21)
    i18n (0.6.11)
    json (1.8.1)
    mime-types (1.25.1)
    multi_json (1.10.1)
    net-ssh (2.9.1)
    nokogiri (1.5.11)
    progressbar (0.11.0)
    rake (0.9.2.2)
    rdoc (4.1.1)
      json (~> 1.4)
    rest-client (1.6.8)
      mime-types (~> 1.16)
      rdoc (>= 2.4.2)
    rest_connection (1.0.15)
      activesupport (< 4.0.0)
      highline
      json
      net-ssh
      nokogiri (< 1.6.0)
      rest-client
    rspec (2.6.0)
      rspec-core (~> 2.6.0)
      rspec-expectations (~> 2.6.0)
      rspec-mocks (~> 2.6.0)
    rspec-core (2.6.4)
    rspec-expectations (2.6.0)
      diff-lcs (~> 1.1.2)
    rspec-mocks (2.6.0)

PLATFORMS
  ruby

DEPENDENCIES
  right_chimp!
  rspec (~> 2.6.0)
